PATH
  remote: .
  specs:
    radiant-requirejs-extension (0.0.1)
      radius

GEM
  remote: http://rubygems.org/
  specs:
    diff-lcs (1.2.4)
    radius (0.7.3)
    rspec (2.14.1)
      rspec-core (~> 2.14.0)
      rspec-expectations (~> 2.14.0)
      rspec-mocks (~> 2.14.0)
    rspec-core (2.14.4)
    rspec-expectations (2.14.0)
      diff-lcs (>= 1.1.3, < 2.0)
    rspec-mocks (2.14.2)

PLATFORMS
  ruby

DEPENDENCIES
  radiant-requirejs-extension!
  rspec (>= 2.0)
